GEM
  remote: https://rubygems.org/
  specs:
    byebug (9.0.6)
    coderay (1.1.1)
    method_source (0.8.2)
    mustache (1.0.3)
    pry (0.10.4)
      coderay (~> 1.1.0)
      method_source (~> 0.8.1)
      slop (~> 3.4)
    pry-byebug (3.4.2)
      byebug (~> 9.0)
      pry (~> 0.10)
    puma (3.7.1)
    rack (2.0.1)
    rack-app (5.12.0)
      rack
    rack-app-front_end (0.19.0)
      rack-app (>= 2.0.0)
      tilt
    shotgun (0.9.2)
      rack (>= 1.0)
    slop (3.6.0)
    tilt (2.0.6)

PLATFORMS
  ruby

DEPENDENCIES
  mustache (~> 1.0)
  pry-byebug
  puma
  rack-app
  rack-app-front_end
  shotgun

BUNDLED WITH
   1.14.5
